PATH
  remote: .
  specs:
    migration_tools (1.2.1)
      activerecord (>= 3.2.6, < 4.3)

GEM
  remote: https://rubygems.org/
  specs:
    activemodel (3.2.21)
      activesupport (= 3.2.21)
      builder (~> 3.0.0)
    activerecord (3.2.21)
      activemodel (= 3.2.21)
      activesupport (= 3.2.21)
      arel (~> 3.0.2)
      tzinfo (~> 0.3.29)
    activesupport (3.2.21)
      i18n (~> 0.6, >= 0.6.4)
      multi_json (~> 1.0)
    arel (3.0.3)
    builder (3.0.4)
    bump (0.5.1)
    i18n (0.7.0)
    iconv (1.0.3)
    metaclass (0.0.1)
    minitest (5.0.8)
    minitest-rg (5.0.0)
      minitest (~> 5.0)
    mocha (0.14.0)
      metaclass (~> 0.0.1)
    multi_json (1.10.1)
    rake (10.1.0)
    sqlite3 (1.3.8)
    tzinfo (0.3.42)
    wwtd (0.7.0)

PLATFORMS
  ruby

DEPENDENCIES
  bump
  iconv
  migration_tools!
  minitest
  minitest-rg
  mocha
  rake
  sqlite3
  wwtd
